PATH
  remote: .
  specs:
    gotta_catch_em_all (0.1.0)

GEM
  remote: https://rubygems.org/
  specs:
    httparty (0.18.1)
      mime-types (~> 3.0)
      multi_xml (>= 0.5.2)
    mime-types (3.3.1)
      mime-types-data (~> 3.2015)
    mime-types-data (3.2020.1104)
    multi_xml (0.6.0)
    rake (12.3.3)

PLATFORMS
  ruby
  x86_64-linux

DEPENDENCIES
  gotta_catch_em_all!
  httparty
  rake (~> 12.0)

BUNDLED WITH
   2.2.0
