PATH
  remote: .
  specs:
    gotta_catch_em_all (0.1.0)

GEM
  remote: https://rubygems.org/
  specs:
    rake (12.3.3)

PLATFORMS
  ruby
  x86_64-linux

DEPENDENCIES
  gotta_catch_em_all!
  rake (~> 12.0)

BUNDLED WITH
   2.2.0
