PATH
  remote: .
  specs:
    gotta_catch_em_all (0.1.0)

GEM
  remote: https://rubygems.org/
  specs:
    coderay (1.1.3)
    method_source (1.0.0)
    pry (0.13.1)
      coderay (~> 1.1)
      method_source (~> 1.0)
    rake (12.3.3)

PLATFORMS
  ruby
  x86_64-linux

DEPENDENCIES
  gotta_catch_em_all!
  pry
  rake (~> 12.0)

BUNDLED WITH
   2.2.0
